PATH
  remote: .
  specs:
    api_consumer (0.0.7)
      nokogiri (~> 1.5)
      nori (~> 2.6)
      uber_cache (~> 0.0)

GEM
  remote: https://rubygems.org/
  specs:
    dalli (2.7.6)
    diff-lcs (1.2.5)
    fakeweb (1.3.0)
    mini_portile2 (2.1.0)
    nokogiri (1.7.0.1)
      mini_portile2 (~> 2.1.0)
    nori (2.6.0)
    rspec (3.0.0)
      rspec-core (~> 3.0.0)
      rspec-expectations (~> 3.0.0)
      rspec-mocks (~> 3.0.0)
    rspec-core (3.0.0)
      rspec-support (~> 3.0.0)
    rspec-expectations (3.0.0)
      diff-lcs (>= 1.2.0, < 2.0)
      rspec-support (~> 3.0.0)
    rspec-mocks (3.0.0)
      rspec-support (~> 3.0.0)
    rspec-support (3.0.0)
    uber_cache (0.0.1)
      dalli (~> 2.0)

PLATFORMS
  ruby

DEPENDENCIES
  api_consumer!
  fakeweb (~> 1.3)
  rspec (~> 3.0)

BUNDLED WITH
   1.14.3
